GEM
  remote: https://rubygems.org/
  specs:
    binding_of_caller (0.8.0)
      debug_inspector (>= 0.0.1)
    builder (3.2.4)
    byebug (11.1.3)
    coderay (1.1.2)
    cucumber (2.99.0)
      builder (>= 2.1.2)
      cucumber-core (~> 1.5.0)
      cucumber-wire (~> 0.0.1)
      diff-lcs (>= 1.1.3)
      gherkin (~> 4.0)
      multi_json (>= 1.7.5, < 2.0)
      multi_test (>= 0.1.2)
    cucumber-core (1.5.0)
      gherkin (~> 4.0)
    cucumber-wire (0.0.1)
    cuke_linter (1.1.0)
      cuke_modeler (>= 1.5, < 4.0)
    cuke_modeler (1.5.1)
      gherkin (< 7.0)
      json (>= 1.0, < 3.0)
      multi_json (~> 1.0)
    debug_inspector (0.0.3)
    diff-lcs (1.3)
    gherkin (4.1.3)
    json (2.3.0)
    method_source (1.0.0)
    multi_json (1.15.0)
    multi_test (0.1.2)
    pry (0.13.1)
      coderay (~> 1.1)
      method_source (~> 1.0)
    pry-byebug (3.9.0)
      byebug (~> 11.0)
      pry (~> 0.13.0)
    pry-stack_explorer (0.4.9.2)
      binding_of_caller (>= 0.7)
      pry (>= 0.9.11)

PLATFORMS
  ruby

DEPENDENCIES
  cucumber (= 2.99.0)
  cuke_linter (= 1.1.0)
  pry
  pry-byebug
  pry-stack_explorer

RUBY VERSION
   ruby 2.6.3p62

BUNDLED WITH
   1.17.3
